GEM
  remote: https://rubygems.org/
  remote: http://rubygems.org/
  specs:
    rack (1.5.0)

PLATFORMS
  ruby

DEPENDENCIES
  rack
